STORAGE: NONE
NUGET
  remote: https://www.nuget.org/api/v2
    Fable.Core (3.1.3)
      FSharp.Core (>= 4.7) - restriction: >= netstandard2.0
    FSharp.Core (4.7) - content: none, redirects: force
